GEM
  remote: http://rubygems.org/
  specs:
    addressable (2.4.0)
    crack (0.4.3)
      safe_yaml (~> 1.0.0)
    diff-lcs (1.2.5)
    faraday (0.8.9)
      multipart-post (~> 1.2.0)
    faraday_middleware (0.10.0)
      faraday (>= 0.7.4, < 0.10)
    hashdiff (0.3.0)
    hashie (2.1.2)
    highline (1.6.13)
    json (1.8.3)
    multi_json (1.11.2)
    multipart-post (1.2.0)
    netrc (0.7.9)
    octokit (1.25.0)
      addressable (~> 2.2)
      faraday (~> 0.8)
      faraday_middleware (~> 0.9)
      hashie (~> 2.0)
      multi_json (~> 1.3)
      netrc (~> 0.7.7)
    rake (0.9.6)
    redcarpet (2.3.0)
    rspec (2.99.0)
      rspec-core (~> 2.99.0)
      rspec-expectations (~> 2.99.0)
      rspec-mocks (~> 2.99.0)
    rspec-core (2.99.2)
    rspec-expectations (2.99.2)
      diff-lcs (>= 1.1.3, < 2.0)
    rspec-mocks (2.99.4)
    rugged (0.18.0.gh.de28323)
    safe_yaml (1.0.4)
    trollop (1.16.2)
    webmock (1.24.2)
      addressable (>= 2.3.6)
      crack (>= 0.3.2)
      hashdiff
    yard (0.8.7.6)

PLATFORMS
  ruby

DEPENDENCIES
  addressable (~> 2.3)
  faraday (= 0.8.9)
  highline (= 1.6.13)
  json (~> 1.8)
  octokit (~> 1.24)
  rake (~> 0.9)
  redcarpet (~> 2)
  rspec (~> 2.99)
  rugged (~> 0.18.0.gh.de28323)
  trollop (~> 1.16)
  webmock (~> 1)
  yard (~> 0.8)

BUNDLED WITH
   1.10.6
