GEM
  remote: http://rubygems.org/
  specs:
    activesupport (4.2.6)
      i18n (~> 0.7)
      json (~> 1.7, >= 1.7.7)
      minitest (~> 5.1)
      thread_safe (~> 0.3, >= 0.3.4)
      tzinfo (~> 1.1)
    addressable (2.3.8)
    climate_control (0.0.3)
      activesupport (>= 3.0)
    crack (0.4.3)
      safe_yaml (~> 1.0.0)
    diff-lcs (1.2.5)
    faraday (0.8.9)
      multipart-post (~> 1.2.0)
    faraday_middleware (0.10.0)
      faraday (>= 0.7.4, < 0.10)
    hashie (2.1.2)
    highline (1.7.8)
    i18n (0.7.0)
    json (1.8.3)
    minitest (5.8.4)
    multi_json (1.11.2)
    multipart-post (1.2.0)
    netrc (0.7.9)
    octokit (1.25.0)
      addressable (~> 2.2)
      faraday (~> 0.8)
      faraday_middleware (~> 0.9)
      hashie (~> 2.0)
      multi_json (~> 1.3)
      netrc (~> 0.7.7)
    rake (11.1.1)
    redcarpet (3.3.4)
    rspec (2.99.0)
      rspec-core (~> 2.99.0)
      rspec-expectations (~> 2.99.0)
      rspec-mocks (~> 2.99.0)
    rspec-core (2.99.2)
    rspec-expectations (2.99.2)
      diff-lcs (>= 1.1.3, < 2.0)
    rspec-mocks (2.99.4)
    rugged (0.18.0.gh.de28323)
    safe_yaml (1.0.4)
    thread_safe (0.3.5)
    trollop (2.1.2)
    tzinfo (1.2.2)
      thread_safe (~> 0.1)
    webmock (1.19.0)
      addressable (>= 2.3.6)
      crack (>= 0.3.2)
    yard (0.8.7.6)

PLATFORMS
  ruby

DEPENDENCIES
  addressable (~> 2.3.5)
  climate_control (~> 0.0.3)
  faraday (= 0.8.9)
  highline (~> 1.7)
  json (~> 1.8)
  netrc (~> 0.7.7)
  octokit (~> 1.24)
  rake
  redcarpet
  rspec (~> 2.99)
  rugged (~> 0.18.0.gh.de28323)
  trollop (~> 2.1)
  webmock (~> 1.17, < 1.20)
  yard

BUNDLED WITH
   1.10.6
